PATH
  remote: .
  specs:
    active_stash (0.1.2)
      activerecord
      cipherstash-client

GEM
  remote: https://rubygems.org/
  specs:
    activemodel (7.0.2.3)
      activesupport (= 7.0.2.3)
    activerecord (7.0.2.3)
      activemodel (= 7.0.2.3)
      activesupport (= 7.0.2.3)
    activesupport (7.0.2.3)
      concurrent-ruby (~> 1.0, >= 1.0.2)
      i18n (>= 1.6, < 2)
      minitest (>= 5.1)
      tzinfo (~> 2.0)
    aws-eventstream (1.2.0)
    aws-partitions (1.581.0)
    aws-sdk-core (3.130.2)
      aws-eventstream (~> 1, >= 1.0.2)
      aws-partitions (~> 1, >= 1.525.0)
      aws-sigv4 (~> 1.1)
      jmespath (~> 1.0)
    aws-sdk-kms (1.56.0)
      aws-sdk-core (~> 3, >= 3.127.0)
      aws-sigv4 (~> 1.1)
    aws-sigv4 (1.5.0)
      aws-eventstream (~> 1, >= 1.0.2)
    cbor (0.5.9.6)
    cipherstash-client (0.2.1)
      aws-sdk-core (~> 3.0)
      aws-sdk-kms (~> 1.0)
      cbor (~> 0.5.9.6)
      cipherstash-grpc (= 0.20220428.11)
      deep_merge (~> 1.2)
      enveloperb
      ore-rs
    cipherstash-grpc (0.20220428.11)
      grpc
    concurrent-ruby (1.1.10)
    deep_merge (1.2.2)
    diff-lcs (1.5.0)
    enveloperb (0.1.4)
      fiddle (~> 1.1)
    factory_bot (6.2.1)
      activesupport (>= 5.0.0)
    fiddle (1.1.0)
    google-protobuf (3.20.1)
    googleapis-common-protos-types (1.3.1)
      google-protobuf (~> 3.14)
    grpc (1.45.0)
      google-protobuf (~> 3.19)
      googleapis-common-protos-types (~> 1.0)
    i18n (1.10.0)
      concurrent-ruby (~> 1.0)
    jmespath (1.6.1)
    minitest (5.15.0)
    ore-rs (0.3.3)
      fiddle (~> 1.1)
    pg (1.3.5)
    rake (12.3.3)
    rspec (3.11.0)
      rspec-core (~> 3.11.0)
      rspec-expectations (~> 3.11.0)
      rspec-mocks (~> 3.11.0)
    rspec-core (3.11.0)
      rspec-support (~> 3.11.0)
    rspec-expectations (3.11.0)
      diff-lcs (>= 1.2.0, < 2.0)
      rspec-support (~> 3.11.0)
    rspec-mocks (3.11.1)
      diff-lcs (>= 1.2.0, < 2.0)
      rspec-support (~> 3.11.0)
    rspec-support (3.11.0)
    tzinfo (2.0.4)
      concurrent-ruby (~> 1.0)

PLATFORMS
  ruby

DEPENDENCIES
  active_stash!
  factory_bot (~> 6.2, >= 6.2.1)
  pg
  rake (~> 12.0)
  rspec (~> 3.0)

BUNDLED WITH
   2.3.12
